GEM
  remote: https://rubygems.org/
  specs:
    sqlite-vec (0.0.1.alpha.3-x86_64-darwin)
    sqlite3 (2.0.1-x86_64-darwin)

PLATFORMS
  x86_64-darwin-21

DEPENDENCIES
  sqlite-vec
  sqlite3 (~> 2.0, >= 2.0.1)

RUBY VERSION
   ruby 3.2.2p53

BUNDLED WITH
   2.4.10
